GEM
  remote: http://rubygems.org/
  specs:
    haml (3.1.7)
    helphelp (0.0.8)
      haml
      maruku (= 0.6.1)
    maruku (0.6.1)
      syntax (>= 1.0.0)
    syntax (1.0.0)

PLATFORMS
  ruby

DEPENDENCIES
  helphelp
